{
  "TaskName": "EmotionProcessingandRegulationtask",
  "Manufacturer": "Compumedics Neuroscan",
  "ManufacturersModelName": "SynampsRT",
  "CapManufacturer": "Compumedics Neuroscan",
  "CapManufacturersModelName": "QuickCap",
  "PowerLineFrequency": 50,
  "EEGReference": "between CZ and CPZ",
  "EEGChannelCount": 34,
  "MiscChannelCount": 1,
  "RecordingType": "continuous",
  "RecordingDuration": 1355.509,
  "SamplingFrequency": 1000,
  "SoftwareFilters": "n/a"
}